PATH
  remote: .
  specs:
    terraform-enterprise-cli (0.0.7)
      colorize (~> 0.8, >= 0.8.1)
      terminal-table (~> 1.8, >= 1.8.0)
      terraform-enterprise-client (~> 0.0, >= 0.0.7)
      thor (~> 0.20, >= 0.20.0)

GEM
  remote: https://rubygems.org/
  specs:
    colorize (0.8.1)
    domain_name (0.5.20170404)
      unf (>= 0.0.5, < 1.0.0)
    http-cookie (1.0.3)
      domain_name (~> 0.5)
    mime-types (3.1)
      mime-types-data (~> 3.2015)
    mime-types-data (3.2016.0521)
    netrc (0.11.0)
    rest-client (2.0.2)
      http-cookie (>= 1.0.2, < 2.0)
      mime-types (>= 1.16, < 4.0)
      netrc (~> 0.8)
    terminal-table (1.8.0)
      unicode-display_width (~> 1.1, >= 1.1.1)
    terraform-enterprise-client (0.0.7)
      rest-client (~> 2.0, >= 2.0.2)
    thor (0.20.0)
    unf (0.1.4)
      unf_ext
    unf_ext (0.0.7.5)
    unicode-display_width (1.3.0)

PLATFORMS
  ruby

DEPENDENCIES
  terraform-enterprise-cli!

BUNDLED WITH
   1.16.1
